GEM
  remote: https://rubygems.org/
  specs:
    gruff (0.10.0)
      histogram
      rmagick
    histogram (0.2.4.1)
    pkg-config (1.5.5)
    rmagick (5.3.0)
      pkg-config (~> 1.4)

PLATFORMS
  ruby

DEPENDENCIES
  gruff

BUNDLED WITH
   2.1.4
